GEM
  remote: https://rubygems.org/
  specs:
    csv (3.2.8)
    httparty (0.21.0)
      mini_mime (>= 1.0.0)
      multi_xml (>= 0.5.2)
    json (2.7.1)
    mini_mime (1.1.5)
    multi_xml (0.6.0)
    nokogiri (1.16.0-x64-mingw-ucrt)
      racc (~> 1.4)
    racc (1.7.3)

PLATFORMS
  x64-mingw-ucrt

DEPENDENCIES
  csv
  httparty
  json
  nokogiri

BUNDLED WITH
   2.4.10
